FRAMEWORK: NET452
NUGET
  remote: https://www.nuget.org/api/v2
    canopy (1.1.3)
      FSharp.Core (>= 3.0.2)
      Selenium.WebDriver (3.0)
    FSharp.Core (4.1)
      System.ValueTuple (>= 4.3)
    FSharp.Data (2.3.2)
    Newtonsoft.Json (9.0.1)
    Selenium.WebDriver (3.0)
    System.ValueTuple (4.3)
